NUGET
  remote: https://www.nuget.org/api/v2
	LibLog (4.2.6)
    NLog (4.4.2)
    NNanomsg (0.5.2)
    Topshelf (4.0.3)
